GEM
  remote: https://rubygems.org/
  specs:
    dotenv (2.7.5)
    mini_portile2 (2.4.0)
    nokogiri (1.10.8)
      mini_portile2 (~> 2.4.0)
    pg (1.1.4)

PLATFORMS
  ruby

DEPENDENCIES
  dotenv
  nokogiri
  pg

BUNDLED WITH
   2.0.2
