GEM
  remote: https://rubygems.org/
  specs:
    dotenv (2.1.1)
    mini_portile2 (2.1.0)
    nokogiri (1.7.0.1)
      mini_portile2 (~> 2.1.0)
    pg (0.19.0)

PLATFORMS
  ruby

DEPENDENCIES
  dotenv
  nokogiri
  pg

BUNDLED WITH
   1.13.7
