GEM
  remote: https://rubygems.org/
  specs:
    dotenv (2.2.1)
    mini_portile2 (2.1.0)
    nokogiri (1.7.1)
      mini_portile2 (~> 2.1.0)
    pg (0.20.0)

PLATFORMS
  ruby

DEPENDENCIES
  dotenv
  nokogiri
  pg

BUNDLED WITH
   1.14.6
