GEM
  remote: https://rubygems.org/
  specs:
    dotenv (2.2.1)
    mini_portile2 (2.3.0)
    nokogiri (1.8.1)
      mini_portile2 (~> 2.3.0)
    pg (0.21.0)

PLATFORMS
  ruby

DEPENDENCIES
  dotenv
  nokogiri
  pg

BUNDLED WITH
   1.16.0
